GEM
  remote: https://rubygems.org/
  specs:
    benchmark (0.4.1)
    diff-lcs (1.6.2)
    json (2.12.2)
    rspec (3.13.1)
      rspec-core (~> 3.13.0)
      rspec-expectations (~> 3.13.0)
      rspec-mocks (~> 3.13.0)
    rspec-core (3.13.5)
      rspec-support (~> 3.13.0)
    rspec-expectations (3.13.5)
      diff-lcs (>= 1.2.0, < 2.0)
      rspec-support (~> 3.13.0)
    rspec-mocks (3.13.5)
      diff-lcs (>= 1.2.0, < 2.0)
      rspec-support (~> 3.13.0)
    rspec-support (3.13.4)

PLATFORMS
  x86_64-linux

DEPENDENCIES
  benchmark
  json
  rspec

BUNDLED WITH
   2.4.10
